
PATH
  remote: .
  specs:
    circleci-cli (3.0.0)
      circleci (~> 2.0.2)
      faraday (>= 0.14, < 2.8)
      highline (>= 1.7.8, < 2.2.0)
      launchy (>= 2.4.3, < 2.6.0)
      pusher-client (~> 0.6.2)
      rugged (>= 0.26, < 1.6)
      terminal-notifier (~> 2.0.0)
      terminal-table (>= 1.8, < 3.1)
      thor (>= 0.20, < 1.3)

GEM
  remote: https://rubygems.org/
  specs:
    activesupport (6.1.7.2)
      concurrent-ruby (~> 1.0, >= 1.0.2)
      i18n (>= 1.6, < 2)
      minitest (>= 5.1)
      tzinfo (~> 2.0)
      zeitwerk (~> 2.3)
    addressable (2.8.1)
      public_suffix (>= 2.0.2, < 6.0)